GEM
  remote: https://rubygems.org/
  specs:
    activemodel (4.0.5)
      activesupport (= 4.0.5)
      builder (~> 3.1.0)
    activerecord (4.0.5)
      activemodel (= 4.0.5)
      activerecord-deprecated_finders (~> 1.0.2)
      activesupport (= 4.0.5)
      arel (~> 4.0.0)
    activerecord-deprecated_finders (1.0.3)
    activesupport (4.0.5)
      i18n (~> 0.6, >= 0.6.9)
      minitest (~> 4.2)
      multi_json (~> 1.3)
      thread_safe (~> 0.1)
      tzinfo (~> 0.3.37)
    arel (4.0.2)
    backports (3.6.0)
    builder (3.1.4)
    celluloid (0.15.2)
      timers (~> 1.1.0)
    connection_pool (2.0.0)
    ethon (0.7.1)
      ffi (>= 1.3.0)
    faker (1.2.0)
      i18n (~> 0.5)
    ffi (1.9.3)
    i18n (0.6.9)
    json (1.8.1)
    minitest (4.7.5)
    multi_json (1.10.1)
    rack (1.5.2)
    rack-protection (1.5.3)
      rack
    rack-test (0.6.2)
      rack (>= 1.0)
    rake (10.3.1)
    redis (3.1.0)
    redis-namespace (1.5.0)
      redis (~> 3.0, >= 3.0.4)
    sequel (4.12.0)
    sidekiq (3.2.0)
      celluloid (>= 0.15.2)
      connection_pool (>= 2.0.0)
      json
      redis (>= 3.0.6)
      redis-namespace (>= 1.3.1)
    sinatra (1.4.5)
      rack (~> 1.4)
      rack-protection (~> 1.4)
      tilt (~> 1.3, >= 1.3.4)
    sinatra-contrib (1.4.2)
      backports (>= 2.0)
      multi_json
      rack-protection
      rack-test
      sinatra (~> 1.4.0)
      tilt (~> 1.3)
    sqlite3 (1.3.8)
    thread_safe (0.3.4)
    tilt (1.4.1)
    timers (1.1.0)
    typhoeus (0.6.9)
      ethon (>= 0.7.1)
    tzinfo (0.3.39)

PLATFORMS
  ruby

DEPENDENCIES
  activerecord
  faker
  rake
  sequel
  sidekiq
  sinatra
  sinatra-contrib
  sqlite3
  typhoeus
